GEM
  remote: https://rubygems.org/
  specs:
    coderay (1.1.2)
    envyable (1.2.0)
      thor (>= 0.18.1, < 2.0)
    faraday (1.0.0)
      multipart-post (>= 1.2, < 3)
    method_source (0.9.2)
    minitest (5.14.0)
    multipart-post (2.1.1)
    o_stream_catcher (0.0.1)
    pry (0.12.2)
      coderay (~> 1.1.0)
      method_source (~> 0.9.0)
    thor (0.20.3)

PLATFORMS
  ruby

DEPENDENCIES
  envyable
  faraday
  minitest
  o_stream_catcher
  pry

BUNDLED WITH
   2.1.4
